GEM
  remote: http://rubygems.org/
  specs:
    RedCloth (4.2.9)
    addressable (2.2.7)
    albino (1.3.3)
      posix-spawn (>= 0.3.6)
    builder (3.0.0)
    classifier (1.3.3)
      fast-stemmer (>= 1.0.0)
    commonjs (0.2.6)
    directory_watcher (1.4.1)
    faraday (0.7.6)
      addressable (~> 2.2)
      multipart-post (~> 1.1)
      rack (~> 1.1)
    fast-stemmer (1.0.1)
    git (1.2.5)
    jekyll (0.11.0)
      albino (>= 1.3.2)
      classifier (>= 1.3.1)
      directory_watcher (>= 1.1.1)
      kramdown (>= 0.13.2)
      liquid (>= 1.9.0)
      maruku (>= 0.5.9)
    jeweler (1.8.3)
      bundler (~> 1.0)
      git (>= 1.2.5)
      rake
      rdoc
    json (1.7.0)
    kramdown (0.13.5)
    less (2.2.1)
      commonjs (~> 0.2.6)
    libv8 (3.3.10.4)
    liquid (2.2.2)
    maruku (0.6.0)
      syntax (>= 1.0.0)
    multi_json (1.3.4)
    multipart-post (1.1.5)
    oauth (0.4.6)
    oauth2 (0.5.2)
      faraday (~> 0.7)
      multi_json (~> 1.0)
    posix-spawn (0.3.6)
    rack (1.4.1)
    rake (0.9.2.2)
    rdoc (3.12)
      json (~> 1.4)
    simple_oauth (0.1.7)
    syntax (1.0.0)
    therubyracer (0.10.1)
      libv8 (~> 3.3.10)
    youtube_it (2.1.4)
      builder
      faraday (~> 0.7.3)
      jeweler (~> 1.8.3)
      oauth (~> 0.4.4)
      oauth2 (~> 0.5.2)
      simple_oauth (~> 0.1.5)

PLATFORMS
  ruby

DEPENDENCIES
  RedCloth
  albino
  jekyll (= 0.11.0)
  less
  liquid (= 2.2.2)
  rake
  therubyracer
  youtube_it
