GIT
  remote: git@github.com:wbrady/disqussion.git
  revision: 710c01bbc6bc00c2f85054dfc5dccf08c26c7dda
  specs:
    disqussion (0.0.5)
      faraday (~> 0.6.1)
      faraday_middleware (~> 0.6.3)
      hashie (~> 1.0.0)
      multi_json (~> 1.0.0)
      rash (~> 0.3.0)

GEM
  remote: http://rubygems.org/
  specs:
    RedCloth (4.2.9)
    addressable (2.2.8)
    albino (1.3.3)
      posix-spawn (>= 0.3.6)
    builder (3.2.0)
    classifier (1.3.3)
      fast-stemmer (>= 1.0.0)
    colorize (0.5.8)
    commonjs (0.2.6)
    directory_watcher (1.5.1)
    faraday (0.6.1)
      addressable (~> 2.2.4)
      multipart-post (~> 1.1.0)
      rack (>= 1.1.0, < 2)
    faraday_middleware (0.6.5)
      faraday (~> 0.6.0)
    fast-stemmer (1.0.2)
    hashie (1.0.0)
    jekyll (0.11.2)
      albino (~> 1.3)
      classifier (~> 1.3)
      directory_watcher (~> 1.1)
      kramdown (~> 0.13)
      liquid (~> 2.3)
      maruku (~> 0.5)
    kramdown (0.14.2)
    less (2.2.2)
      commonjs (~> 0.2.6)
    libv8 (3.3.10.4)
    liquid (2.4.1)
    maruku (0.6.1)
      syntax (>= 1.0.0)
    multi_json (1.0.4)
    multipart-post (1.1.5)
    oauth (0.4.7)
    posix-spawn (0.3.6)
    rack (1.4.1)
    rake (10.0.3)
    rash (0.3.0)
      hashie (~> 1.0.0)
    rdiscount (1.6.8)
    rmagick (2.13.1)
    ruby-nuggets (0.8.9)
    syntax (1.0.0)
    therubyracer (0.10.2)
      libv8 (~> 3.3.10)
    youtube_it (1.4.3)
      builder
      oauth (>= 0.4.4)

PLATFORMS
  ruby

DEPENDENCIES
  RedCloth (= 4.2.9)
  albino (= 1.3.3)
  colorize (= 0.5.8)
  disqussion!
  faraday (= 0.6.1)
  jekyll (= 0.11.2)
  less (= 2.2.2)
  liquid (= 2.4.1)
  rack (= 1.4.1)
  rake
  rdiscount (= 1.6.8)
  rmagick (= 2.13.1)
  ruby-nuggets (= 0.8.9)
  therubyracer (= 0.10.2)
  youtube_it (= 1.4.3)
